GEM
  remote: https://rubygems.org/
  specs:
    amazing_print (1.0.0)
    aws-eventstream (1.1.0)
    aws-partitions (1.301.0)
    aws-sdk-core (3.94.0)
      aws-eventstream (~> 1, >= 1.0.2)
      aws-partitions (~> 1, >= 1.239.0)
      aws-sigv4 (~> 1.1)
      jmespath (~> 1.0)
    aws-sdk-kms (1.30.0)
      aws-sdk-core (~> 3, >= 3.71.0)
      aws-sigv4 (~> 1.1)
    aws-sdk-s3 (1.63.0)
      aws-sdk-core (~> 3, >= 3.83.0)
      aws-sdk-kms (~> 1)
      aws-sigv4 (~> 1.1)
    aws-sigv4 (1.1.2)
      aws-eventstream (~> 1.0, >= 1.0.2)
    bcrypt_pbkdf (1.0.1)
    coderay (1.1.3)
    colorize (0.8.1)
    dotenv (2.7.5)
    ed25519 (1.2.4)
    fast_html_diff (0.8.1)
      nokogiri
    inch (0.8.0)
      pry
      sparkr (>= 0.2.0)
      term-ansicolor
      yard (~> 0.9.12)
    jmespath (1.4.0)
    method_source (1.0.0)
    mini_portile2 (2.5.1)
    minitar (0.9)
    net-sftp (3.0.0.rc1)
      net-ssh (>= 5.0.0, < 7.0.0)
    net-ssh (6.0.2)
    nokogiri (1.11.5)
      mini_portile2 (~> 2.5.0)
      racc (~> 1.4)
    progressbar (1.10.1)
    pry (0.13.1)
      coderay (~> 1.1)
      method_source (~> 1.0)
    racc (1.5.2)
    rake (13.0.1)
    sparkr (0.4.1)
    sync (0.5.0)
    term-ansicolor (1.7.1)
      tins (~> 1.0)
    thor (1.0.1)
    tins (1.25.0)
      sync
    yard (0.9.25)
    zlib (1.1.0)

PLATFORMS
  ruby

DEPENDENCIES
  amazing_print (~> 1.0)
  aws-sdk-s3 (~> 1.63)
  bcrypt_pbkdf (~> 1.0)
  colorize (~> 0.8.1)
  dotenv (~> 2.7)
  ed25519 (~> 1.2)
  fast_html_diff
  inch (~> 0.8.0)
  minitar (~> 0.9)
  net-sftp (~> 3.0.0.rc1)
  progressbar (~> 1.10)
  rake (~> 13.0)
  thor (~> 1.0)
  zlib (~> 1.1)

BUNDLED WITH
   2.1.4
